GEM
  remote: http://rubygems.org/
  specs:
    ast (2.1.0)
    diff-lcs (1.2.5)
    parser (2.2.3.0)
      ast (>= 1.1, < 3.0)
    rspec-core (3.4.1)
      rspec-support (~> 3.4.0)
    rspec-expectations (3.4.0)
      diff-lcs (>= 1.2.0, < 2.0)
      rspec-support (~> 3.4.0)
    rspec-support (3.4.1)
    ruby-lint (2.0.5)
      parser (~> 2.2)
      slop (~> 3.4, >= 3.4.7)
    slop (3.6.0)

PLATFORMS
  ruby

DEPENDENCIES
  rspec-core
  rspec-expectations
  ruby-lint

BUNDLED WITH
   1.10.6
